GEM
  remote: https://rubygems.org/
  specs:
    ast (2.3.0)
    autoprefixer-rails (6.3.7)
      execjs
    better_errors (2.1.1)
      coderay (>= 1.0.0)
      erubis (>= 2.6.6)
      rack (>= 0.9.0)
    bootstrap-sass (3.3.7)
      autoprefixer-rails (>= 5.2.1)
      sass (>= 3.3.4)
    coderay (1.1.1)
    coffee-script (2.2.0)
      coffee-script-source
      execjs
    coffee-script-source (1.10.0)
    concurrent-ruby (1.0.2)
    erubis (2.7.0)
    execjs (2.7.0)
    haml (4.0.7)
      tilt
    kgio (2.10.0)
    parser (2.3.1.2)
      ast (~> 2.2)
    powerpack (0.1.1)
    rack (1.6.4)
    rack-protection (1.5.3)
      rack
    rainbow (2.1.0)
    raindrops (0.17.0)
    rubocop (0.42.0)
      parser (>= 2.3.1.1, < 3.0)
      powerpack (~> 0.1)
      rainbow (>= 1.99.1, < 3.0)
      ruby-progressbar (~> 1.7)
      unicode-display_width (~> 1.0, >= 1.0.1)
    ruby-progressbar (1.8.1)
    sass (3.4.22)
    sinatra (1.4.7)
      rack (~> 1.5)
      rack-protection (~> 1.4)
      tilt (>= 1.3, < 3)
    sprockets (3.7.0)
      concurrent-ruby (~> 1.0)
      rack (> 1, < 3)
    tilt (2.0.5)
    uglifier (3.0.1)
      execjs (>= 0.3.0, < 3)
    unicode-display_width (1.1.0)
    unicorn (5.1.0)
      kgio (~> 2.6)
      raindrops (~> 0.7)

PLATFORMS
  ruby

DEPENDENCIES
  better_errors
  bootstrap-sass
  coffee-script
  haml
  rubocop
  sass
  sinatra
  sprockets
  uglifier
  unicorn

BUNDLED WITH
   1.12.5
